PATH
  remote: ../survivr-part1
  specs:
    colorizr (0.0.2)

GEM
  remote: https://rubygems.org/
  specs:

PLATFORMS
  ruby

DEPENDENCIES
  colorizr!

BUNDLED WITH
   1.12.1
